GEM
  remote: http://rubygems.org/
  specs:
    activesupport (7.0.3)
      concurrent-ruby (~> 1.0, >= 1.0.2)
      i18n (>= 1.6, < 2)
      minitest (>= 5.1)
      tzinfo (~> 2.0)
    bourne (1.6.0)
      mocha (~> 1.1)
    concurrent-ruby (1.1.10)
    fast-stemmer (1.0.2)
    git (1.2.5)
    i18n (1.10.0)
      concurrent-ruby (~> 1.0)
    jeweler (1.8.4)
      bundler (~> 1.0)
      git (>= 1.2.5)
      rake
      rdoc
    json (1.7.7)
    minitest (5.16.0)
    mocha (1.14.0)
    multi_json (1.15.0)
    rake (10.0.4)
    rdoc (4.0.1)
      json (~> 1.4)
    shoulda (3.4.0)
      shoulda-context (~> 1.0, >= 1.0.1)
      shoulda-matchers (~> 1.0, >= 1.4.1)
    shoulda-context (1.1.0)
    shoulda-matchers (1.5.6)
      activesupport (>= 3.0.0)
      bourne (~> 1.3)
    simplecov (0.7.1)
      multi_json (~> 1.0)
      simplecov-html (~> 0.7.1)
    simplecov-html (0.7.1)
    tzinfo (2.0.4)
      concurrent-ruby (~> 1.0)
    yard (0.8.5.2)

PLATFORMS
  ruby

DEPENDENCIES
  bundler
  fast-stemmer
  jeweler
  shoulda
  simplecov
  yard (~> 0.7)
